GIT
  remote: https://github.com/bokmann/font-awesome-rails.git
  revision: c99f9b19a75398ed72dfef5ae5578cae54a2fc2a
  specs:
    font-awesome-rails (4.5.0.0)
      railties (>= 3.2, < 5.0)

GIT
  remote: https://github.com/jds13/gruff.git
  revision: 0b384c16bcb6f839102f6e97d5c3152dc67c5124
  specs:
    gruff (0.6.0)
      rmagick (>= 2.13.4)

GEM
  remote: http://rubygems.org/
  specs:
    actionmailer (4.2.5.1)
      actionpack (= 4.2.5.1)
      actionview (= 4.2.5.1)
      activejob (= 4.2.5.1)
      mail (~> 2.5, >= 2.5.4)
      rails-dom-testing (~> 1.0, >= 1.0.5)
    actionpack (4.2.5.1)
      actionview (= 4.2.5.1)
      activesupport (= 4.2.5.1)
      rack (~> 1.6)
      rack-test (~> 0.6.2)
      rails-dom-testing (~> 1.0, >= 1.0.5)
      rails-html-sanitizer (~> 1.0, >= 1.0.2)
    actionview (4.2.5.1)
      activesupport (= 4.2.5.1)
      builder (~> 3.1)
      erubis (~> 2.7.0)
      rails-dom-testing (~> 1.0, >= 1.0.5)
      rails-html-sanitizer (~> 1.0, >= 1.0.2)
    activejob (4.2.5.1)
      activesupport (= 4.2.5.1)
      globalid (>= 0.3.0)
    activemodel (4.2.5.1)
      activesupport (= 4.2.5.1)
      builder (~> 3.1)
    activerecord (4.2.5.1)
      activemodel (= 4.2.5.1)
      activesupport (= 4.2.5.1)
      arel (~> 6.0)
    activesupport (4.2.5.1)
      i18n (~> 0.7)
      json (~> 1.7, >= 1.7.7)
      minitest (~> 5.1)
      thread_safe (~> 0.3, >= 0.3.4)
      tzinfo (~> 1.1)
    ansi_up-rails (0.1.2)
      railties (~> 4)
    arel (6.0.3)
    awesome_print (1.6.1)
    bcrypt (3.1.10)
    bootstrap-kaminari-views (0.0.5)
      kaminari (>= 0.13)
      rails (>= 3.1)
    bootstrap3-rails (3.2.0)
      rails (>= 4.0.0)
    builder (3.2.2)
    climate_control (0.0.3)
      activesupport (>= 3.0)
    cocaine (0.5.8)
      climate_control (>= 0.0.3, < 1.0)
    coffee-rails (4.0.1)
      coffee-script (>= 2.2.0)
      railties (>= 4.0.0, < 5.0)
    coffee-script (2.4.1)
      coffee-script-source
      execjs
    coffee-script-source (1.10.0)
    countries (1.2.5)
      currencies (~> 0.4.2)
      i18n_data (~> 0.7.0)
    country_select (2.5.1)
      countries (~> 1.2.0)
      sort_alphabetical (~> 1.0)
    currencies (0.4.2)
    devise (3.5.5)
      bcrypt (~> 3.0)
      orm_adapter (~> 0.1)
      railties (>= 3.2.6, < 5)
      responders
      thread_safe (~> 0.1)
      warden (~> 1.2.3)
    domain_name (0.5.20160128)
      unf (>= 0.0.5, < 1.0.0)
    erubis (2.7.0)
    execjs (2.6.0)
    file-tail (1.1.0)
      tins (~> 1.0)
    git (1.2.9.1)
    globalid (0.3.6)
      activesupport (>= 4.1.0)
    hike (1.2.3)
    hodel_3000_compliant_logger (0.1.1)
    http-cookie (1.0.2)
      domain_name (~> 0.5)
    i18n (0.7.0)
    i18n_data (0.7.0)
    jbuilder (2.4.0)
      activesupport (>= 3.0.0, < 5.1)
      multi_json (~> 1.2)
    jquery-rails (4.1.0)
      rails-dom-testing (~> 1.0)
      railties (>= 4.2.0)
      thor (>= 0.14, < 2.0)
    json (1.8.3)
    kaminari (0.16.3)
      actionpack (>= 3.0.0)
      activesupport (>= 3.0.0)
    loofah (2.0.3)
      nokogiri (>= 1.5.9)
    mail (2.6.3)
      mime-types (>= 1.16, < 3)
    mime-types (2.99)
    mimemagic (0.3.0)
    mini_portile2 (2.0.0)
    minitest (5.8.4)
    multi_json (1.11.2)
    net_http_unix (0.2.1)
    netrc (0.11.0)
    newrelic_rpm (3.14.2.312)
    nokogiri (1.6.7.2)
      mini_portile2 (~> 2.0.0.rc2)
    oink (0.10.1)
      activerecord
      hodel_3000_compliant_logger
    open_uri_redirections (0.2.1)
    orm_adapter (0.5.0)
    paperclip (4.3.3)
      activemodel (>= 3.2.0)
      activesupport (>= 3.2.0)
      cocaine (~> 0.5.5)
      mime-types
      mimemagic (= 0.3.0)
    puma (2.16.0)
    rack (1.6.4)
    rack-test (0.6.3)
      rack (>= 1.0)
    rails (4.2.5.1)
      actionmailer (= 4.2.5.1)
      actionpack (= 4.2.5.1)
      actionview (= 4.2.5.1)
      activejob (= 4.2.5.1)
      activemodel (= 4.2.5.1)
      activerecord (= 4.2.5.1)
      activesupport (= 4.2.5.1)
      bundler (>= 1.3.0, < 2.0)
      railties (= 4.2.5.1)
      sprockets-rails
    rails-deprecated_sanitizer (1.0.3)
      activesupport (>= 4.2.0.alpha)
    rails-dom-testing (1.0.7)
      activesupport (>= 4.2.0.beta, < 5.0)
      nokogiri (~> 1.6.0)
      rails-deprecated_sanitizer (>= 1.0.1)
    rails-html-sanitizer (1.0.3)
      loofah (~> 2.0)
    railties (4.2.5.1)
      actionpack (= 4.2.5.1)
      activesupport (= 4.2.5.1)
      rake (>= 0.8.7)
      thor (>= 0.18.1, < 2.0)
    rake (10.5.0)
    rdoc (4.2.1)
      json (~> 1.4)
    redcarpet (3.3.4)
    responders (2.1.1)
      railties (>= 4.2.0, < 5.1)
    rest-client (1.8.0)
      http-cookie (>= 1.0.2, < 2.0)
      mime-types (>= 1.16, < 3.0)
      netrc (~> 0.7)
    rmagick (2.15.4)
    rubytree (0.9.7)
      json (~> 1.8)
      structured_warnings (~> 0.2)
    sass (3.2.19)
    sass-rails (4.0.5)
      railties (>= 4.0.0, < 5.0)
      sass (~> 3.2.2)
      sprockets (~> 2.8, < 3.0)
      sprockets-rails (~> 2.0)
    sdoc (0.4.1)
      json (~> 1.7, >= 1.7.7)
      rdoc (~> 4.0)
    selectize-rails (0.12.1)
    sort_alphabetical (1.0.2)
      unicode_utils (>= 1.2.2)
    spring (1.6.2)
    sprockets (2.12.4)
      hike (~> 1.2)
      multi_json (~> 1.0)
      rack (~> 1.0)
      tilt (~> 1.1, != 1.3.0)
    sprockets-rails (2.3.3)
      actionpack (>= 3.0)
      activesupport (>= 3.0)
      sprockets (>= 2.8, < 4.0)
    sqlite3 (1.3.11)
    structured_warnings (0.2.0)
    thor (0.19.1)
    thread_safe (0.3.5)
    tilt (1.4.1)
    tins (1.8.2)
    turbolinks (2.5.3)
      coffee-rails
    twitter-bootstrap-rails-confirm (1.0.4)
    tzinfo (1.2.2)
      thread_safe (~> 0.1)
    uglifier (2.7.2)
      execjs (>= 0.3.0)
      json (>= 1.8.0)
    unf (0.1.4)
      unf_ext
    unf_ext (0.0.7.1)
    unicode_utils (1.4.0)
    vmstat (2.1.0)
    warden (1.2.6)
      rack (>= 1.0)
    yajl-ruby (1.2.1)

PLATFORMS
  ruby

DEPENDENCIES
  ansi_up-rails
  awesome_print
  bootstrap-kaminari-views
  bootstrap3-rails
  coffee-rails (~> 4.0.0)
  country_select
  devise
  file-tail
  font-awesome-rails!
  git
  gruff!
  jbuilder (~> 2.0)
  jquery-rails
  kaminari
  net_http_unix
  newrelic_rpm
  oink
  open_uri_redirections
  paperclip
  puma
  rails
  redcarpet
  rest-client
  rubytree
  sass-rails (~> 4.0.3)
  sdoc (~> 0.4.0)
  selectize-rails
  spring
  sqlite3
  turbolinks
  twitter-bootstrap-rails-confirm
  uglifier (>= 1.3.0)
  vmstat
  yajl-ruby

BUNDLED WITH
   1.11.2
